GEM
  remote: https://rubygems.org/
  specs:
    passenger (6.0.6)
      rack
      rake (>= 0.8.1)
    rack (2.2.3)
    rake (13.0.1)

PLATFORMS
  ruby

DEPENDENCIES
  passenger (>= 5.0.25)

BUNDLED WITH
   2.1.4
